PATH
  remote: .
  specs:
    nid_utils (1.7.0)

GEM
  remote: http://rubygems.org/
  specs:
    builder (3.2.0)
    ci_reporter (1.6.9)
      builder (>= 2.1.2)
    diff-lcs (1.2.1)
    multi_json (1.6.1)
    rake (13.0.1)
    rspec (2.13.0)
      rspec-core (~> 2.13.0)
      rspec-expectations (~> 2.13.0)
      rspec-mocks (~> 2.13.0)
    rspec-core (2.13.0)
    rspec-expectations (2.13.0)
      diff-lcs (>= 1.1.3, < 2.0)
    rspec-mocks (2.13.0)
    simplecov (0.7.1)
      multi_json (~> 1.0)
      simplecov-html (~> 0.7.1)
    simplecov-html (0.7.1)
    simplecov-rcov (0.2.3)
      simplecov (>= 0.4.1)

PLATFORMS
  ruby

DEPENDENCIES
  ci_reporter (~> 1.6.5)
  nid_utils!
  rake
  rspec
  simplecov
  simplecov-rcov
