PATH
  remote: .
  specs:
    nid_utils (1.0.1)
      activesupport (~> 3.0)
      i18n

GEM
  remote: http://rubygems.org/
  specs:
    activesupport (3.2.9)
      i18n (~> 0.6)
      multi_json (~> 1.0)
    builder (3.1.4)
    ci_reporter (1.6.5)
      builder (>= 2.1.2)
    diff-lcs (1.1.3)
    i18n (0.6.1)
    multi_json (1.3.7)
    rspec (2.7.0)
      rspec-core (~> 2.7.0)
      rspec-expectations (~> 2.7.0)
      rspec-mocks (~> 2.7.0)
    rspec-core (2.7.1)
    rspec-expectations (2.7.0)
      diff-lcs (~> 1.1.2)
    rspec-mocks (2.7.0)
    simplecov (0.7.1)
      multi_json (~> 1.0)
      simplecov-html (~> 0.7.1)
    simplecov-html (0.7.1)
    simplecov-rcov (0.2.3)
      simplecov (>= 0.4.1)

PLATFORMS
  ruby

DEPENDENCIES
  ci_reporter (= 1.6.5)
  nid_utils!
  rspec (~> 2.7.0)
  simplecov
  simplecov-rcov
